GEM
  remote: https://rubygems.org/
  specs:
    concurrent-ruby (1.1.10)
    faker (1.4.3)
      i18n (~> 0.5)
    i18n (0.9.5)
      concurrent-ruby (~> 1.0)
    rack (1.6.13)
    rack-protection (1.5.5)
      rack
    shotgun (0.9.1)
      rack (>= 1.0)
    sinatra (1.4.6)
      rack (~> 1.4)
      rack-protection (~> 1.4)
      tilt (>= 1.3, < 3)
    tilt (2.0.1)

PLATFORMS
  ruby

DEPENDENCIES
  faker
  shotgun
  sinatra
